PATH
  remote: .
  specs:
    bayesnet (0.7.0)

GEM
  remote: https://rubygems.org/
  specs:
    byebug (11.1.3)
    coderay (1.1.3)
    m (1.5.1)
      method_source (>= 0.6.7)
      rake (>= 0.9.2.2)
    method_source (1.0.0)
    minitest (5.15.0)
    polyglot (0.3.5)
    pry (0.13.1)
      coderay (~> 1.1)
      method_source (~> 1.0)
    pry-byebug (3.9.0)
      byebug (~> 11.0)
      pry (~> 0.13.0)
    rake (13.0.6)
    rexml (3.2.5)
    ruby-graphviz (1.2.5)
      rexml
    treetop (1.6.11)
      polyglot (~> 0.3)

PLATFORMS
  x86_64-darwin-19
  x86_64-linux

DEPENDENCIES
  bayesnet!
  m (~> 1.5.0)
  minitest (~> 5.0)
  pry-byebug (~> 3.9.0)
  rake (~> 13.0)
  ruby-graphviz
  treetop (~> 1.6)

BUNDLED WITH
   2.3.3
